GEM
  remote: https://rubygems.org/
  specs:
    mini_portile2 (2.5.1)
    nokogiri (1.11.4)
      mini_portile2 (~> 2.5.0)
      racc (~> 1.4)
    racc (1.5.2)
    rmagick (4.1.0.rc2)

PLATFORMS
  ruby

DEPENDENCIES
  nokogiri
  rmagick (= 4.1.0.rc2)

BUNDLED WITH
   2.1.2
